GEM
  remote: https://rubygems.org/
  specs:
    activesupport (6.1.7)
      concurrent-ruby (~> 1.0, >= 1.0.2)
      i18n (>= 1.6, < 2)
      minitest (>= 5.1)
      tzinfo (~> 2.0)
      zeitwerk (~> 2.3)
    addressable (2.8.1)
      public_suffix (>= 2.0.2, < 6.0)
    citrus (3.0.2)
    concurrent-ruby (1.1.10)
    differ (0.1.2)
    ecma-re-validator (0.4.0)
      regexp_parser (~> 2.2)
    front_matter_parser (0.2.1)
    git (1.13.1)
      addressable (~> 2.8)
      rchardet (~> 1.8)
    hana (1.3.7)
    i18n (1.12.0)
      concurrent-ruby (~> 1.0)
    json_schemer (0.2.24)
      ecma-re-validator (~> 0.3)
      hana (~> 1.3)
      regexp_parser (~> 2.0)
      uri_template (~> 0.7)
    minitest (5.17.0)
    paint (2.3.0)
    parallel (1.17.0)
    public_suffix (5.0.1)
    rchardet (1.8.0)
    regexp_parser (2.6.1)
    semantic (1.6.1)
    toml-rb (2.2.0)
      citrus (~> 3.0, > 3.0)
    tzinfo (2.0.5)
      concurrent-ruby (~> 1.0)
    unindent (1.0)
    uri_template (0.7.0)
    webrick (1.7.0)
    word_wrap (1.0.0)
    yard (0.9.28)
      webrick (~> 1.7.0)
    zeitwerk (2.6.6)

PLATFORMS
  arm64-darwin-20
  arm64-darwin-21
  arm64-darwin-22
  x86_64-darwin-20
  x86_64-linux

DEPENDENCIES
  activesupport (~> 6.0)
  differ (~> 0.1)
  front_matter_parser (~> 0.2)
  git (~> 1.13.0)
  json_schemer (~> 0.2.18)
  paint (~> 2.1)
  parallel (~> 1.17.0)
  semantic (~> 1.6.1)
  toml-rb (~> 2.0)
  unindent (~> 1.0)
  word_wrap (~> 1.0)
  yard (~> 0.9)

RUBY VERSION
   ruby 3.0.1p64

BUNDLED WITH
   2.2.24
